GEM
  remote: https://rubygems.org/
  specs:
    byebug (11.1.1)
    childprocess (3.0.0)
    csv (3.1.2)
    domain_name (0.5.20190701)
      unf (>= 0.0.5, < 1.0.0)
    figaro (1.2.0)
      thor (>= 0.14.0, < 2)
    fileutils (0.7.2)
    http-cookie (1.0.3)
      domain_name (~> 0.5)
    macaddr (1.7.2)
      systemu (~> 2.6.5)
    mime-types (2.99.3)
    netrc (0.11.0)
    rest-client (1.8.0)
      http-cookie (>= 1.0.2, < 2.0)
      mime-types (>= 1.16, < 3.0)
      netrc (~> 0.7)
    rubyzip (2.3.0)
    selenium-webdriver (3.142.7)
      childprocess (>= 0.5, < 4.0)
      rubyzip (>= 1.2.2)
    systemu (2.6.5)
    thor (1.0.1)
    unf (0.1.4)
      unf_ext
    unf_ext (0.0.7.7)
    uuid (2.3.9)
      macaddr (~> 1.0)

PLATFORMS
  ruby

DEPENDENCIES
  byebug
  csv
  figaro
  fileutils (~> 0.7.2)
  rest-client (~> 1.8)
  selenium-webdriver
  uuid (~> 2.3, >= 2.3.8)

RUBY VERSION
   ruby 2.5.7p206

BUNDLED WITH
   1.17.3
