GEM
  remote: https://rubygems.org/
  specs:
    activesupport (6.0.6)
      concurrent-ruby (~> 1.0, >= 1.0.2)
      i18n (>= 0.7, < 2)
      minitest (~> 5.1)
      tzinfo (~> 1.1)
      zeitwerk (~> 2.2, >= 2.2.2)
    addressable (2.8.1)
      public_suffix (>= 2.0.2, < 6.0)
    byebug (11.1.3)
    capybara (3.37.1)
      addressable
      matrix
      mini_mime (>= 0.1.3)
      nokogiri (~> 1.8)
      rack (>= 1.6.0)
      rack-test (>= 0.6.3)
      regexp_parser (>= 1.5, < 3.0)
      xpath (~> 3.2)
    childprocess (3.0.0)
    concurrent-ruby (1.1.10)
    diff-lcs (1.5.0)
    i18n (1.8.3)
      concurrent-ruby (~> 1.0)
    matrix (0.4.2)
    mini_mime (1.0.2)
    mini_portile2 (2.8.0)
    minitest (5.16.3)
    nokogiri (1.13.9)
      mini_portile2 (~> 2.8.0)
      racc (~> 1.4)
    public_suffix (4.0.5)
    racc (1.6.0)
    rack (2.2.3)
    rack-test (2.0.2)
      rack (>= 1.3)
    regexp_parser (2.6.0)
    rspec (3.9.0)
      rspec-core (~> 3.9.0)
      rspec-expectations (~> 3.9.0)
      rspec-mocks (~> 3.9.0)
    rspec-core (3.9.3)
      rspec-support (~> 3.9.3)
    rspec-expectations (3.9.4)
      diff-lcs (>= 1.2.0, < 2.0)
      rspec-support (~> 3.9.0)
    rspec-mocks (3.9.1)
      diff-lcs (>= 1.2.0, < 2.0)
      rspec-support (~> 3.9.0)
    rspec-support (3.9.3)
    rubyzip (2.3.0)
    selenium-webdriver (3.142.7)
      childprocess (>= 0.5, < 4.0)
      rubyzip (>= 1.2.2)
    shoulda-matchers (5.2.0)
      activesupport (>= 5.2.0)
    thread_safe (0.3.6)
    tzinfo (1.2.7)
      thread_safe (~> 0.1)
    webdrivers (4.4.1)
      nokogiri (~> 1.6)
      rubyzip (>= 1.3.0)
      selenium-webdriver (>= 3.0, < 4.0)
    xpath (3.2.0)
      nokogiri (~> 1.8)
    zeitwerk (2.6.1)

PLATFORMS
  ruby

DEPENDENCIES
  byebug
  capybara (>= 2.15)
  rspec
  rspec-core
  selenium-webdriver
  shoulda-matchers
  webdrivers

BUNDLED WITH
   2.1.4
